GEM
  remote: http://rubygems.org/
  specs:
    base64 (0.2.0)
    byebug (11.1.3)
    coffee-script (2.4.1)
      coffee-script-source
      execjs
    coffee-script-source (1.12.2)
    dotenv (2.8.1)
    execjs (2.9.1)
    google-protobuf (3.25.1)
    google-protobuf (3.25.1-arm64-darwin)
    multi_json (1.15.0)
    mustermann (3.0.0)
      ruby2_keywords (~> 0.0.1)
    rack (2.2.8)
    rack-protection (3.2.0)
      base64 (>= 0.1.0)
      rack (~> 2.2, >= 2.2.4)
    ruby2_keywords (0.0.5)
    sass-embedded (1.69.6-arm-linux-gnueabihf)
      google-protobuf (~> 3.25)
    sass-embedded (1.69.6-arm64-darwin)
      google-protobuf (~> 3.25)
    sinatra (3.2.0)
      mustermann (~> 3.0)
      rack (~> 2.2, >= 2.2.4)
      rack-protection (= 3.2.0)
      tilt (~> 2.0)
    sinatra-contrib (3.2.0)
      multi_json (>= 0.0.2)
      mustermann (~> 3.0)
      rack-protection (= 3.2.0)
      sinatra (= 3.2.0)
      tilt (~> 2.0)
    slim (5.2.0)
      temple (~> 0.10.0)
      tilt (>= 2.1.0)
    temple (0.10.3)
    tilt (2.3.0)

PLATFORMS
  arm64-darwin-23
  armv7l-linux-eabihf

DEPENDENCIES
  byebug
  coffee-script
  dotenv
  rack
  sass-embedded
  sinatra
  sinatra-contrib
  slim

BUNDLED WITH
   2.4.20
